GIT
  remote: git://github.com/bbatsov/rubocop.git
  revision: 8b97dd4a0f7da51e12f7a6f48745c6f673e892f4
  specs:
    rubocop (0.16.0)
      json (~> 1.8)
      parser (~> 2.1.1)
      powerpack (~> 0.0.6)
      rainbow (>= 1.1.4)

GIT
  remote: git://github.com/bbuchalter/fake_io.git
  revision: feddac0fead0d1c18e95dc2a6c4028ba7d8c5f75
  specs:
    fake_io (0.1.0)

GIT
  remote: git://github.com/bbuchalter/tictactoe_core.git
  revision: 6cb39b4a59f6de964ea892b76738127c0fc76551
  specs:
    tictactoe_core (0.1.0)

GEM
  remote: http://rubygems.org/
  specs:
    ast (1.1.0)
    colorize (0.6.0)
    coveralls (0.7.0)
      multi_json (~> 1.3)
      rest-client
      simplecov (>= 0.7)
      term-ansicolor
      thor
    docile (1.1.1)
    json (1.8.1)
    metaclass (0.0.1)
    mime-types (2.0)
    minitest (5.2.0)
    mocha (0.14.0)
      metaclass (~> 0.0.1)
    multi_json (1.8.2)
    parser (2.1.1)
      ast (~> 1.1)
      slop (~> 3.4, >= 3.4.5)
    powerpack (0.0.9)
    rainbow (1.99.1)
    rake (10.1.1)
    rest-client (1.6.7)
      mime-types (>= 1.16)
    simplecov (0.8.2)
      docile (~> 1.1.0)
      multi_json
      simplecov-html (~> 0.8.0)
    simplecov-html (0.8.0)
    slop (3.4.7)
    term-ansicolor (1.2.2)
      tins (~> 0.8)
    thor (0.18.1)
    tins (0.13.1)

PLATFORMS
  ruby

DEPENDENCIES
  colorize
  coveralls
  fake_io!
  minitest
  mocha
  rake
  rubocop!
  simplecov
  tictactoe_core!
